GIT
  remote: git://github.com/kristianmandrup/property_amenities.git
  revision: 9ecdac136212a5b7fd0eaada8b6fdca81358bbc6
  specs:
    property_amenities (0.0.1)
      concerned (>= 0.1.5)
      hashie (>= 2.0)
      mongoid (>= 3.1)
      rails (>= 3.2.12)
      rails_config_loader (>= 0.1.4)
      sugar-high (~> 0.7.3)

GIT
  remote: git://github.com/kristianmandrup/property_contact.git
  revision: c268940288c083da9994d06ba3bdac14c23c7135
  specs:
    property_contact (0.0.1)
      concerned (>= 0.1.5)
      hashie (>= 2.0)
      mongoid (>= 3.1)
      rails (>= 3.2.12)
      rails_config_loader (>= 0.1.4)
      sugar-high (~> 0.7.3)

GIT
  remote: git://github.com/kristianmandrup/property_costs.git
  revision: cd4f867d9b5b752547eef8cecc8a42775d6d8bd2
  specs:
    property_costs (0.0.1)
      concerned (>= 0.1.5)
      hashie (>= 2.0)
      money-mongoid (>= 0.2.2)
      mongoid (>= 3.1)
      rails (>= 3.2)
      sugar-high (~> 0.7.3)

GIT
  remote: git://github.com/kristianmandrup/property_description.git
  revision: bb3fdd56bc5094509e2a35d5c6370a3ff42ee301
  specs:
    property_description (0.0.1)

GIT
  remote: git://github.com/kristianmandrup/property_living_space.git
  revision: 1b83f4e914f4402220caedc8e96ca675e365951c
  specs:
    property_living_space (0.0.1)

GIT
  remote: git://github.com/kristianmandrup/property_location.git
  revision: 109bce411f23c63f38ea1e0dd2bdc681b79883bb
  specs:
    property_location (0.0.1)

PATH
  remote: .
  specs:
    rent_property (0.0.1)

GEM
  remote: http://rubygems.org/
  specs:
    actionmailer (3.2.13)
      actionpack (= 3.2.13)
      mail (~> 2.5.3)
    actionpack (3.2.13)
      activemodel (= 3.2.13)
      activesupport (= 3.2.13)
      builder (~> 3.0.0)
      erubis (~> 2.7.0)
      journey (~> 1.0.4)
      rack (~> 1.4.5)
      rack-cache (~> 1.2)
      rack-test (~> 0.6.1)
      sprockets (~> 2.2.1)
    activemodel (3.2.13)
      activesupport (= 3.2.13)
      builder (~> 3.0.0)
    activerecord (3.2.13)
      activemodel (= 3.2.13)
      activesupport (= 3.2.13)
      arel (~> 3.0.2)
      tzinfo (~> 0.3.29)
    activeresource (3.2.13)
      activemodel (= 3.2.13)
      activesupport (= 3.2.13)
    activesupport (3.2.13)
      i18n (= 0.6.1)
      multi_json (~> 1.0)
    arel (3.0.2)
    bourne (1.1.2)
      mocha (= 0.10.5)
    builder (3.0.4)
    chronic (0.9.1)
    colorize (0.5.8)
    concerned (0.1.6)
    cutter (0.8.9)
      colorize (>= 0.5)
    database_cleaner (0.9.1)
    delorean (1.1.1)
      chronic
    diff-lcs (1.2.1)
    erubis (2.7.0)
    factory_girl (4.2.0)
      activesupport (>= 3.0.0)
    factory_girl_rails (4.2.1)
      factory_girl (~> 4.2.0)
      railties (>= 3.0.0)
    fakeweb (1.3.0)
    ffaker (1.15.0)
    gmaps4rails (2.0.0.pre)
    hashie (2.0.3)
    hike (1.2.1)
    i18n (0.6.1)
    journey (1.0.4)
    json (1.7.7)
    json_pure (1.7.7)
    mail (2.5.3)
      i18n (>= 0.4.0)
      mime-types (~> 1.16)
      treetop (~> 1.4.8)
    metaclass (0.0.1)
    mime-types (1.22)
    mocha (0.10.5)
      metaclass (~> 0.0.1)
    money (5.1.1)
      i18n (~> 0.6.0)
    money-mongoid (0.2.2)
      money
      mongoid (>= 2.4)
      moped (>= 1)
      origin (>= 1)
      origin-selectable_ext
      sugar-high (>= 0.7.2)
    mongoid (3.1.2)
      activemodel (~> 3.2)
      moped (~> 1.4.2)
      origin (~> 1.0)
      tzinfo (~> 0.3.22)
    moped (1.4.5)
    multi_json (1.7.2)
    origin (1.0.11)
    origin-selectable_ext (0.1.1)
      origin
    polyglot (0.3.3)
    rack (1.4.5)
    rack-cache (1.2)
      rack (>= 0.4)
    rack-ssl (1.3.3)
      rack
    rack-test (0.6.2)
      rack (>= 1.0)
    rails (3.2.13)
      actionmailer (= 3.2.13)
      actionpack (= 3.2.13)
      activerecord (= 3.2.13)
      activeresource (= 3.2.13)
      activesupport (= 3.2.13)
      bundler (~> 1.0)
      railties (= 3.2.13)
    rails_config_loader (0.1.5)
      hashie
      json_pure
    railties (3.2.13)
      actionpack (= 3.2.13)
      activesupport (= 3.2.13)
      rack-ssl (~> 1.3.2)
      rake (>= 0.8.7)
      rdoc (~> 3.4)
      thor (>= 0.14.6, < 2.0)
    rake (10.0.4)
    rdoc (3.12.2)
      json (~> 1.4)
    rspec-core (2.13.0)
    rspec-expectations (2.13.0)
      diff-lcs (>= 1.1.3, < 2.0)
    rspec-mocks (2.13.0)
    rspec-rails (2.13.0)
      actionpack (>= 3.0)
      activesupport (>= 3.0)
      railties (>= 3.0)
      rspec-core (~> 2.13.0)
      rspec-expectations (~> 2.13.0)
      rspec-mocks (~> 2.13.0)
    shoulda (3.3.2)
      shoulda-context (~> 1.0.1)
      shoulda-matchers (~> 1.4.1)
    shoulda-context (1.0.2)
    shoulda-matchers (1.4.2)
      activesupport (>= 3.0.0)
      bourne (~> 1.1.2)
    sprockets (2.2.2)
      hike (~> 1.2)
      multi_json (~> 1.0)
      rack (~> 1.0)
      tilt (~> 1.1, != 1.3.0)
    sugar-high (0.7.3)
    thor (0.18.1)
    tilt (1.3.6)
    treetop (1.4.12)
      polyglot
      polyglot (>= 0.3.1)
    tzinfo (0.3.37)

PLATFORMS
  ruby

DEPENDENCIES
  cutter (>= 0.8.2)
  database_cleaner (>= 0.8)
  delorean (>= 1.1)
  factory_girl_rails
  fakeweb
  ffaker (>= 1.14.1)
  gmaps4rails (>= 2.0.0.pre)
  property_amenities!
  property_contact!
  property_costs!
  property_description!
  property_living_space!
  property_location!
  rent_property!
  rspec-rails
  shoulda
  shoulda-matchers
